GEM
  remote: https://rubygems.org/
  specs:
    asciidoctor (2.0.20)
    asciidoctor-kroki (0.8.0)
      asciidoctor (~> 2.0)
    asciidoctor-tabs (1.0.0.beta.6)
      asciidoctor (>= 2.0.0, < 3.0.0)
    coderay (1.1.3)

PLATFORMS
  arm64-darwin-22
  arm64-darwin-23

DEPENDENCIES
  asciidoctor
  asciidoctor-kroki
  asciidoctor-tabs
  coderay

BUNDLED WITH
   2.4.19
